GEM
  specs:
    chingu (0.9rc9)
      gosu (>= 0.7.45)
      gosu (>= 0.7.45)
    gosu (0.7.49)

PLATFORMS
  ruby

DEPENDENCIES
  chingu
  gosu
